PATH
  remote: .
  specs:
    dynamini (1.2.0)
      activemodel (~> 3)
      aws-sdk (~> 2)

GEM
  remote: https://rubygems.org/
  specs:
    activemodel (3.2.22)
      activesupport (= 3.2.22)
      builder (~> 3.0.0)
    activesupport (3.2.22)
      i18n (~> 0.6, >= 0.6.4)
      multi_json (~> 1.0)
    aws-sdk (2.1.18)
      aws-sdk-resources (= 2.1.18)
    aws-sdk-core (2.1.18)
      jmespath (~> 1.0)
    aws-sdk-resources (2.1.18)
      aws-sdk-core (= 2.1.18)
    builder (3.0.4)
    coderay (1.1.0)
    diff-lcs (1.2.5)
    i18n (0.7.0)
    jmespath (1.0.2)
      multi_json (~> 1.0)
    method_source (0.8.2)
    multi_json (1.11.2)
    pry (0.10.1)
      coderay (~> 1.1.0)
      method_source (~> 0.8.1)
      slop (~> 3.4)
    rspec (3.3.0)
      rspec-core (~> 3.3.0)
      rspec-expectations (~> 3.3.0)
      rspec-mocks (~> 3.3.0)
    rspec-core (3.3.2)
      rspec-support (~> 3.3.0)
    rspec-expectations (3.3.1)
      diff-lcs (>= 1.2.0, < 2.0)
      rspec-support (~> 3.3.0)
    rspec-mocks (3.3.2)
      diff-lcs (>= 1.2.0, < 2.0)
      rspec-support (~> 3.3.0)
    rspec-support (3.3.0)
    slop (3.6.0)

PLATFORMS
  ruby

DEPENDENCIES
  dynamini!
  pry (~> 0)
  rspec (~> 3)
